GEM
  remote: https://rubygems.org/
  specs:
    colorize (0.8.1)
    unicode (0.4.4.4)

PLATFORMS
  x86_64-linux

DEPENDENCIES
  colorize (~> 0.8.1)
  unicode (~> 0.4.4)

BUNDLED WITH
   2.2.7
